GEM
  remote: https://rubygems.org/
  specs:
    coderay (1.1.2)
    httparty (0.13.3)
      json (~> 1.8)
      multi_xml (>= 0.5.2)
    json (1.8.6)
    method_source (0.9.2)
    multi_xml (0.5.5)
    pry (0.12.2)
      coderay (~> 1.1.0)
      method_source (~> 0.9.0)

PLATFORMS
  ruby

DEPENDENCIES
  httparty
  pry

BUNDLED WITH
   2.0.1
